PATH
  remote: .
  specs:
    cloudstack-nagios (0.21.0)
      cloudstack_client (~> 1.5)
      erubis (~> 2.7)
      highline (~> 2.0)
      sshkit (~> 1.18.0)
      thor (~> 0.20.0)

GEM
  remote: https://rubygems.org/
  specs:
    cloudstack_client (1.5.5)
    erubis (2.7.0)
    highline (2.0.0)
    net-scp (1.2.1)
      net-ssh (>= 2.6.5)
    net-ssh (5.0.2)
    rake (12.3.1)
    rdoc (6.0.4)
    sshkit (1.18.0)
      net-scp (>= 1.1.2)
      net-ssh (>= 2.8.0)
    thor (0.20.3)

PLATFORMS
  ruby

DEPENDENCIES
  cloudstack-nagios!
  rake (~> 12.0)
  rdoc

BUNDLED WITH
   1.17.1
